GEM
  remote: https://rubygems.org/
  specs:
    debug (1.5.0)
      irb (>= 1.3.6)
      reline (>= 0.2.7)
    io-console (0.5.11)
    irb (1.4.1)
      reline (>= 0.3.0)
    reline (0.3.1)
      io-console (~> 0.5)

PLATFORMS
  x86_64-linux

DEPENDENCIES
  debug (>= 1.0.0)

RUBY VERSION
   ruby 3.2.0p0

BUNDLED WITH
   2.3.16
